GEM
  remote: https://rubygems.org/
  specs:
    activesupport (4.0.0)
      i18n (~> 0.6, >= 0.6.4)
      minitest (~> 4.2)
      multi_json (~> 1.3)
      thread_safe (~> 0.1)
      tzinfo (~> 0.3.37)
    atomic (1.1.13)
    clockwork (0.6.0)
      activesupport
      tzinfo (~> 0.3.35)
    coderay (1.0.9)
    dropbox-sdk (1.6.1)
      json
    facets (2.9.3)
    front-matter (1.2.1)
      facets (>= 2.9.0)
    i18n (0.6.5)
    json (1.8.0)
    method_source (0.8.2)
    minitest (4.7.5)
    multi_json (1.7.9)
    pg (0.16.0)
    pry (0.9.12.2)
      coderay (~> 1.0.5)
      method_source (~> 0.8)
      slop (~> 3.4)
    redcarpet (3.0.0)
    sequel (4.1.1)
    slop (3.4.6)
    thread_safe (0.1.2)
      atomic
    tzinfo (0.3.37)

PLATFORMS
  ruby

DEPENDENCIES
  clockwork
  dropbox-sdk
  front-matter
  pg
  pry
  redcarpet
  sequel
